GEM
  remote: https://rubygems.org/
  specs:
    activemodel (6.0.3.4)
      activesupport (= 6.0.3.4)
    activesupport (6.0.3.4)
      concurrent-ruby (~> 1.0, >= 1.0.2)
      i18n (>= 0.7, < 2)
      minitest (~> 5.1)
      tzinfo (~> 1.1)
      zeitwerk (~> 2.2, >= 2.2.2)
    bcrypt (3.1.16)
    bson (4.11.1)
    concurrent-ruby (1.1.7)
    database_cleaner (1.8.5)
    database_cleaner-mongo (1.8.1)
      database_cleaner (~> 1.8.0)
      mongo
    database_cleaner-mongoid (1.8.1)
      database_cleaner (~> 1.8.0)
      database_cleaner-mongo (~> 1.8.0)
      mongoid
    diff-lcs (1.4.4)
    factory_bot (6.1.0)
      activesupport (>= 5.0.0)
    graphql (1.11.6)
    i18n (1.8.7)
      concurrent-ruby (~> 1.0)
    jwt (2.2.2)
    minitest (5.14.3)
    mongo (2.14.0)
      bson (>= 4.8.2, < 5.0.0)
    mongoid (7.2.0)
      activemodel (>= 5.1, < 6.1)
      mongo (>= 2.10.5, < 3.0.0)
    mongoid-compatibility (0.5.1)
      activesupport
      mongoid (>= 2.0)
    mongoid-rspec (4.1.0)
      activesupport (>= 3.0.0)
      mongoid (>= 3.1)
      mongoid-compatibility (>= 0.5.1)
      rspec-core (~> 3.3)
      rspec-expectations (~> 3.3)
      rspec-mocks (~> 3.3)
    multi_json (1.15.0)
    mustermann (1.1.1)
      ruby2_keywords (~> 0.0.1)
    nio4r (2.5.4)
    puma (5.1.1)
      nio4r (~> 2.0)
    rack (2.2.3)
    rack-contrib (2.3.0)
      rack (~> 2.0)
    rack-protection (2.1.0)
      rack
    rspec-core (3.10.1)
      rspec-support (~> 3.10.0)
    rspec-expectations (3.10.1)
      diff-lcs (>= 1.2.0, < 2.0)
      rspec-support (~> 3.10.0)
    rspec-mocks (3.10.1)
      diff-lcs (>= 1.2.0, < 2.0)
      rspec-support (~> 3.10.0)
    rspec-support (3.10.1)
    ruby2_keywords (0.0.2)
    search_object (1.2.4)
    search_object_graphql (0.3.2)
      graphql (~> 1.8)
      search_object (~> 1.2.2)
    sinatra (2.1.0)
      mustermann (~> 1.0)
      rack (~> 2.2)
      rack-protection (= 2.1.0)
      tilt (~> 2.0)
    sinatra-contrib (2.1.0)
      multi_json
      mustermann (~> 1.0)
      rack-protection (= 2.1.0)
      sinatra (= 2.1.0)
      tilt (~> 2.0)
    sinatra-cors (1.2.0)
    thread_safe (0.3.6)
    tilt (2.0.10)
    tzinfo (1.2.9)
      thread_safe (~> 0.1)
    zeitwerk (2.4.2)

PLATFORMS
  ruby

DEPENDENCIES
  bcrypt
  database_cleaner-mongoid
  factory_bot
  graphql
  jwt
  mongoid
  mongoid-rspec
  puma
  rack-contrib
  search_object_graphql
  sinatra
  sinatra-contrib
  sinatra-cors

BUNDLED WITH
   2.1.4
